GIT
  remote: git://github.com/activeadmin/activeadmin.git
  revision: e72c62b01397b17123e1b71ef706c5d8e4ffbb2f
  specs:
    activeadmin (1.0.0.pre2)
      arbre (~> 1.0, >= 1.0.2)
      bourbon
      coffee-rails
      formtastic (~> 3.1)
      formtastic_i18n
      inherited_resources (~> 1.6)
      jquery-rails
      jquery-ui-rails
      kaminari (~> 0.15)
      rails (>= 3.2, < 5.0)
      ransack (~> 1.3)
      sass-rails
      sprockets (< 4)

GIT
  remote: git://github.com/activerecord-hackery/ransack.git
  revision: d31bb89d3f2b3986f81f979bed743127f9a6d0e9
  specs:
    ransack (1.7.0)
      actionpack (>= 3.0)
      activerecord (>= 3.0)
      activesupport (>= 3.0)
      i18n
      polyamorous (~> 1.3)

GIT
  remote: git://github.com/amatsuda/kaminari.git
  revision: ac3ff9594a378b6d811e726f952603d800925289
  branch: 0-17-stable
  specs:
    kaminari (0.17.0.alpha)
      actionpack (>= 3.0.0)
      activesupport (>= 3.0.0)

GIT
  remote: git://github.com/audionerd/draper.git
  revision: e816e0e5876b76c648c0928f1c3f2aa2c7a3d1f2
  ref: e816e0e587
  branch: rails5
  specs:
    draper (2.1.0)
      actionpack (>= 3.0)
      activemodel (>= 3.0)
      activesupport (>= 3.0)
      request_store (~> 1.0)

GIT
  remote: git://github.com/justinfrench/formtastic.git
  revision: 9b0bf2442f0610172cdd605810df104256cb4b5f
  specs:
    formtastic (3.2.0.pre)
      actionpack (>= 4.1.0)

GIT
  remote: git://github.com/rails/activemodel-serializers-xml.git
  revision: 570ee7ed33d60e44ca1f3ccbec3d1fbf61d52cbf
  specs:
    activemodel-serializers-xml (1.0.1)
      activemodel (> 5.x)
      activerecord (> 5.x)
      activesupport (> 5.x)
      builder (~> 3.1)

GIT
  remote: https://github.com/rails/rails
  revision: 5181d5c283430762ea444d26e72890501a6584ff
  specs:
    actioncable (5.0.0.beta1.1)
      actionpack (= 5.0.0.beta1.1)
      coffee-rails (~> 4.1.0)
      eventmachine (~> 1.0)
      faye-websocket (~> 0.10.0)
      websocket-driver (~> 0.6.1)
    actionmailer (5.0.0.beta1.1)
      actionpack (= 5.0.0.beta1.1)
      actionview (= 5.0.0.beta1.1)
      activejob (= 5.0.0.beta1.1)
      mail (~> 2.5, >= 2.5.4)
      rails-dom-testing (~> 1.0, >= 1.0.5)
    actionpack (5.0.0.beta1.1)
      actionview (= 5.0.0.beta1.1)
      activesupport (= 5.0.0.beta1.1)
      rack (~> 2.x)
      rack-test (~> 0.6.3)
      rails-dom-testing (~> 1.0, >= 1.0.5)
      rails-html-sanitizer (~> 1.0, >= 1.0.2)
    actionview (5.0.0.beta1.1)
      activesupport (= 5.0.0.beta1.1)
      builder (~> 3.1)
      erubis (~> 2.7.0)
      rails-dom-testing (~> 1.0, >= 1.0.5)
      rails-html-sanitizer (~> 1.0, >= 1.0.2)
    activejob (5.0.0.beta1.1)
      activesupport (= 5.0.0.beta1.1)
      globalid (>= 0.3.6)
    activemodel (5.0.0.beta1.1)
      activesupport (= 5.0.0.beta1.1)
    activerecord (5.0.0.beta1.1)
      activemodel (= 5.0.0.beta1.1)
      activesupport (= 5.0.0.beta1.1)
      arel (~> 7.0)
    activesupport (5.0.0.beta1.1)
      concurrent-ruby (~> 1.0)
      i18n (~> 0.7)
      json (~> 1.7, >= 1.7.7)
      method_source
      minitest (~> 5.1)
      tzinfo (~> 1.1)
    rails (5.0.0.beta1.1)
      actioncable (= 5.0.0.beta1.1)
      actionmailer (= 5.0.0.beta1.1)
      actionpack (= 5.0.0.beta1.1)
      actionview (= 5.0.0.beta1.1)
      activejob (= 5.0.0.beta1.1)
      activemodel (= 5.0.0.beta1.1)
      activerecord (= 5.0.0.beta1.1)
      activesupport (= 5.0.0.beta1.1)
      bundler (>= 1.3.0, < 2.0)
      railties (= 5.0.0.beta1.1)
      sprockets-rails (>= 2.0.0)
    railties (5.0.0.beta1.1)
      actionpack (= 5.0.0.beta1.1)
      activesupport (= 5.0.0.beta1.1)
      method_source
      rake (>= 0.8.7)
      thor (>= 0.18.1, < 2.0)

GIT
  remote: https://github.com/sinatra/sinatra.git
  revision: f8d4e9b332c15c22cbe8bad32aefbeeaaaed1e3f
  specs:
    sinatra (2.0.0.pre.alpha)
      rack (= 2.0.0.alpha)
      rack-protection (~> 1.5)
      tilt (~> 2.0)

GEM
  remote: https://rubygems.org/
  specs:
    arbre (1.0.3)
      activesupport (>= 3.0.0)
    arel (7.0.0)
    autoprefixer-rails (6.3.1)
      execjs
      json
    awesome_print (1.6.1)
    aws-sdk (1.66.0)
      aws-sdk-v1 (= 1.66.0)
    aws-sdk-v1 (1.66.0)
      json (~> 1.4)
      nokogiri (>= 1.4.4)
    bcrypt (3.1.11)
    better_errors (2.1.1)
      coderay (>= 1.0.0)
      erubis (>= 2.6.6)
      rack (>= 0.9.0)
    binding_of_caller (0.7.2)
      debug_inspector (>= 0.0.1)
    bootstrap-sass (3.3.6)
      autoprefixer-rails (>= 5.2.1)
      sass (>= 3.3.4)
    bourbon (4.2.7)
      sass (~> 3.4)
      thor (~> 0.19)
    builder (3.2.2)
    byebug (8.2.1)
    climate_control (0.0.3)
      activesupport (>= 3.0)
    cocaine (0.5.8)
      climate_control (>= 0.0.3, < 1.0)
    coderay (1.1.0)
    coffee-rails (4.1.1)
      coffee-script (>= 2.2.0)
      railties (>= 4.0.0, < 5.1.x)
    coffee-script (2.4.1)
      coffee-script-source
      execjs
    coffee-script-source (1.10.0)
    concurrent-ruby (1.0.0)
    contact_us (1.1.0)
      rails (>= 4.2.0)
    debug_inspector (0.0.2)
    devise (4.1.0)
      bcrypt (~> 3.0)
      orm_adapter (~> 0.1)
      railties (>= 4.1.0, < 5.1)
      responders
      warden (~> 1.2.3)
    diff-lcs (1.2.5)
    erubis (2.7.0)
    eventmachine (1.0.9.1)
    execjs (2.6.0)
    faye-websocket (0.10.2)
      eventmachine (>= 0.12.0)
      websocket-driver (>= 0.5.1)
    figaro (1.1.1)
      thor (~> 0.14)
    formtastic_i18n (0.6.0)
    globalid (0.3.6)
      activesupport (>= 4.1.0)
    has_scope (0.6.0)
      actionpack (>= 3.2, < 5)
      activesupport (>= 3.2, < 5)
    i18n (0.7.0)
    inherited_resources (1.6.0)
      actionpack (>= 3.2, < 5)
      has_scope (~> 0.6.0.rc)
      railties (>= 3.2, < 5)
      responders
    jbuilder (2.4.0)
      activesupport (>= 3.0.0, < 5.1)
      multi_json (~> 1.2)
    jquery-rails (4.1.0)
      rails-dom-testing (~> 1.0)
      railties (>= 4.2.0)
      thor (>= 0.14, < 2.0)
    jquery-ui-rails (5.0.5)
      railties (>= 3.2.16)
    json (1.8.3)
    libv8 (3.16.14.13)
    loofah (2.0.3)
      nokogiri (>= 1.5.9)
    mail (2.6.3)
      mime-types (>= 1.16, < 3)
    method_source (0.8.2)
    mime-types (2.99)
    mimemagic (0.3.0)
    mini_portile2 (2.0.0)
    minitest (5.8.4)
    multi_json (1.11.2)
    nokogiri (1.6.7.2)
      mini_portile2 (~> 2.0.0.rc2)
    orm_adapter (0.5.0)
    paperclip (4.3.2)
      activemodel (>= 3.2.0)
      activesupport (>= 3.2.0)
      cocaine (~> 0.5.5)
      mime-types
      mimemagic (= 0.3.0)
    pg (0.18.4)
    polyamorous (1.3.0)
      activerecord (>= 3.0)
    pry (0.10.3)
      coderay (~> 1.1.0)
      method_source (~> 0.8.1)
      slop (~> 3.4)
    pry-byebug (3.3.0)
      byebug (~> 8.0)
      pry (~> 0.10)
    pry-rails (0.3.4)
      pry (>= 0.9.10)
    puma (2.15.3)
    quiet_assets (1.1.0)
      railties (>= 3.1, < 5.0)
    rack (2.0.0.alpha)
      json
    rack-protection (1.5.3)
      rack
    rack-test (0.6.3)
      rack (>= 1.0)
    rails-deprecated_sanitizer (1.0.3)
      activesupport (>= 4.2.0.alpha)
    rails-dom-testing (1.0.7)
      activesupport (>= 4.2.0.beta, < 5.0)
      nokogiri (~> 1.6.0)
      rails-deprecated_sanitizer (>= 1.0.1)
    rails-html-sanitizer (1.0.3)
      loofah (~> 2.0)
    rails_12factor (0.0.3)
      rails_serve_static_assets
      rails_stdout_logging
    rails_serve_static_assets (0.0.4)
    rails_stdout_logging (0.0.4)
    rake (10.5.0)
    ref (2.0.0)
    request_store (1.3.1)
    responders (2.2.0)
      railties (>= 4.2.0, < 5.1)
    rspec-core (3.5.0.beta3)
      rspec-support (= 3.5.0.beta3)
    rspec-expectations (3.5.0.beta3)
      diff-lcs (>= 1.2.0, < 2.0)
      rspec-support (= 3.5.0.beta3)
    rspec-mocks (3.5.0.beta3)
      diff-lcs (>= 1.2.0, < 2.0)
      rspec-support (= 3.5.0.beta3)
    rspec-rails (3.5.0.beta3)
      actionpack (>= 3.0)
      activesupport (>= 3.0)
      railties (>= 3.0)
      rspec-core (= 3.5.0.beta3)
      rspec-expectations (= 3.5.0.beta3)
      rspec-mocks (= 3.5.0.beta3)
      rspec-support (= 3.5.0.beta3)
    rspec-support (3.5.0.beta3)
    sass (3.4.21)
    sass-rails (5.0.4)
      railties (>= 4.0.0, < 5.0)
      sass (~> 3.1)
      sprockets (>= 2.8, < 4.0)
      sprockets-rails (>= 2.0, < 4.0)
      tilt (>= 1.1, < 3)
    slim (3.0.6)
      temple (~> 0.7.3)
      tilt (>= 1.3.3, < 2.1)
    slim-rails (3.0.1)
      actionmailer (>= 3.1, < 5.0)
      actionpack (>= 3.1, < 5.0)
      activesupport (>= 3.1, < 5.0)
      railties (>= 3.1, < 5.0)
      slim (~> 3.0)
    slop (3.6.0)
    spring (1.6.2)
    sprockets (3.5.2)
      concurrent-ruby (~> 1.0)
      rack (> 1, < 3)
    sprockets-rails (3.0.0)
      actionpack (>= 4.0)
      activesupport (>= 4.0)
      sprockets (>= 3.0.0)
    sqlite3 (1.3.11)
    temple (0.7.6)
    therubyracer (0.12.2)
      libv8 (~> 3.16.14.0)
      ref
    thor (0.19.1)
    thread_safe (0.3.5)
    tilt (2.0.2)
    turbolinks (2.5.3)
      coffee-rails
    tzinfo (1.2.2)
      thread_safe (~> 0.1)
    uglifier (2.7.2)
      execjs (>= 0.3.0)
      json (>= 1.8.0)
    warden (1.2.6)
      rack (>= 1.0)
    websocket-driver (0.6.3)
      websocket-extensions (>= 0.1.0)
    websocket-extensions (0.1.2)

PLATFORMS
  ruby

DEPENDENCIES
  activeadmin!
  activemodel-serializers-xml!
  awesome_print
  aws-sdk (< 2.0)
  better_errors
  binding_of_caller
  bootstrap-sass
  coffee-rails
  contact_us
  devise (> 4.x)
  draper!
  figaro
  formtastic!
  jbuilder (~> 2.0)
  jquery-rails
  kaminari!
  paperclip
  pg
  pry-byebug
  pry-rails
  puma
  quiet_assets
  rails!
  rails_12factor
  ransack!
  rspec-rails (>= 3.5.0.beta1)
  sass-rails
  sinatra!
  slim-rails
  spring
  sqlite3
  therubyracer
  turbolinks
  tzinfo-data
  uglifier

RUBY VERSION
   ruby 2.3.0p0

BUNDLED WITH
   1.12.3
